GEM
  remote: https://rubygems.org/
  specs:
    backports (3.6.4)
    bson (1.11.1)
    formkeeper (0.0.14)
      hpricot
      rack
    hpricot (0.8.6)
    json (1.8.1)
    mongo (1.11.1)
      bson (= 1.11.1)
    multi_json (1.10.1)
    rack (1.5.2)
    rack-protection (1.5.3)
      rack
    rack-test (0.6.2)
      rack (>= 1.0)
    sinatra (1.4.5)
      rack (~> 1.4)
      rack-protection (~> 1.4)
      tilt (~> 1.3, >= 1.3.4)
    sinatra-contrib (1.4.2)
      backports (>= 2.0)
      multi_json
      rack-protection
      rack-test
      sinatra (~> 1.4.0)
      tilt (~> 1.3)
    sinatra-formkeeper (0.0.7)
      formkeeper (~> 0.0.12)
      hpricot
      rack
      sinatra
    sinatra-reloader (1.0)
      sinatra-contrib
    slim (2.1.0)
      temple (~> 0.6.9)
      tilt (>= 1.3.3, < 2.1)
    temple (0.6.10)
    tilt (1.4.1)

PLATFORMS
  ruby

DEPENDENCIES
  json
  mongo
  sinatra
  sinatra-formkeeper
  sinatra-reloader
  slim
